PATH
  remote: .
  specs:
    minitest-colorer (0.1.1)
      minitest

GEM
  remote: https://rubygems.org/
  specs:
    minitest (2.5.1)

PLATFORMS
  ruby

DEPENDENCIES
  minitest-colorer!
